GEM
  remote: https://rubygems.org/
  specs:
    pg (0.19.0)
    sequel (4.40.0)

PLATFORMS
  ruby

DEPENDENCIES
  pg
  sequel

BUNDLED WITH
   1.13.6
