GEM
  remote: https://rubygems.org/
  specs:
    awesome_print (1.6.1)
    daemons (1.1.9)
    eventmachine (1.0.5)
    rack (1.6.0)
    rack-accept (0.4.5)
      rack (>= 0.4)
    rack_csrf (2.5.0)
      rack (>= 1.1.0)
    scorched (0.22)
      rack (~> 1.4)
      rack-accept (~> 0.4)
      tilt (~> 1.4)
    thin (1.6.3)
      daemons (~> 1.0, >= 1.0.9)
      eventmachine (~> 1.0)
      rack (~> 1.0)
    tilt (1.4.1)

PLATFORMS
  ruby

DEPENDENCIES
  awesome_print
  rack_csrf
  scorched
  thin
