PATH
  remote: ./gems/scorched-rest
  specs:
    scorched-rest (0.0.2)

GEM
  remote: https://rubygems.org/
  specs:
    activesupport (4.2.0)
      i18n (~> 0.7)
      json (~> 1.7, >= 1.7.7)
      minitest (~> 5.1)
      thread_safe (~> 0.3, >= 0.3.4)
      tzinfo (~> 1.1)
    ansi (1.5.0)
    awesome_print (1.6.1)
    builder (3.2.2)
    daemons (1.1.9)
    eventmachine (1.0.5)
    factory_girl (4.5.0)
      activesupport (>= 3.0.0)
    i18n (0.7.0)
    json (1.8.2)
    minitest (5.5.1)
    minitest-reporters (1.0.10)
      ansi
      builder
      minitest (>= 5.0)
      ruby-progressbar
    pg (0.18.1)
    rack (1.6.0)
    rack-accept (0.4.5)
      rack (>= 0.4)
    rack-test (0.6.3)
      rack (>= 1.0)
    rack_csrf (2.5.0)
      rack (>= 1.1.0)
    ruby-progressbar (1.7.1)
    scorched (0.22)
      rack (~> 1.4)
      rack-accept (~> 0.4)
      tilt (~> 1.4)
    sequel (4.19.0)
    shotgun (0.9)
      rack (>= 1.0)
    thin (1.6.3)
      daemons (~> 1.0, >= 1.0.9)
      eventmachine (~> 1.0)
      rack (~> 1.0)
    thread_safe (0.3.4)
    tilt (1.4.1)
    tzinfo (1.2.2)
      thread_safe (~> 0.1)

PLATFORMS
  ruby

DEPENDENCIES
  awesome_print
  factory_girl
  minitest
  minitest-reporters
  pg
  rack-test
  rack_csrf
  scorched
  scorched-rest!
  sequel
  shotgun
  thin
