PATH
  remote: ./gems/scorched-rest
  specs:
    scorched-rest (0.0.2)

GEM
  remote: https://rubygems.org/
  specs:
    activemodel (4.2.0)
      activesupport (= 4.2.0)
      builder (~> 3.1)
    activesupport (4.2.0)
      i18n (~> 0.7)
      json (~> 1.7, >= 1.7.7)
      minitest (~> 5.1)
      thread_safe (~> 0.3, >= 0.3.4)
      tzinfo (~> 1.1)
    ansi (1.5.0)
    awesome_print (1.6.1)
    aws-sdk (1.61.0)
      aws-sdk-v1 (= 1.61.0)
    aws-sdk-v1 (1.61.0)
      json (~> 1.4)
      nokogiri (>= 1.4.4)
    axiom-types (0.1.1)
      descendants_tracker (~> 0.0.4)
      ice_nine (~> 0.11.0)
      thread_safe (~> 0.3, >= 0.3.1)
    bcrypt (3.1.10)
    builder (3.2.2)
    carrierwave (0.10.0)
      activemodel (>= 3.2.0)
      activesupport (>= 3.2.0)
      json (>= 1.7)
      mime-types (>= 1.16)
    carrierwave-aws (0.5.0)
      aws-sdk (~> 1.58)
      carrierwave (~> 0.7)
    carrierwave-sequel (0.1.0)
      carrierwave
      sequel
    coercible (1.0.0)
      descendants_tracker (~> 0.0.1)
    daemons (1.1.9)
    descendants_tracker (0.0.4)
      thread_safe (~> 0.3, >= 0.3.1)
    dotenv (1.0.2)
    equalizer (0.0.9)
    eventmachine (1.0.5)
    factory_girl (4.5.0)
      activesupport (>= 3.0.0)
    i18n (0.7.0)
    ice_nine (0.11.1)
    json (1.8.2)
    mime-types (2.4.3)
    mini_portile (0.6.2)
    minitest (5.5.1)
    minitest-reporters (1.0.10)
      ansi
      builder
      minitest (>= 5.0)
      ruby-progressbar
    money (6.5.1)
      i18n (>= 0.6.4, <= 0.7.0)
    nokogiri (1.6.6.2)
      mini_portile (~> 0.6.0)
    pg (0.18.1)
    rack (1.6.0)
    rack-accept (0.4.5)
      rack (>= 0.4)
    rack-test (0.6.3)
      rack (>= 1.0)
    rack_csrf (2.5.0)
      rack (>= 1.1.0)
    ruby-progressbar (1.7.1)
    scorched (0.22)
      rack (~> 1.4)
      rack-accept (~> 0.4)
      tilt (~> 1.4)
    sequel (4.19.0)
    shotgun (0.9)
      rack (>= 1.0)
    thin (1.6.3)
      daemons (~> 1.0, >= 1.0.9)
      eventmachine (~> 1.0)
      rack (~> 1.0)
    thread_safe (0.3.4)
    tilt (1.4.1)
    tzinfo (1.2.2)
      thread_safe (~> 0.1)
    veto (1.0.1)
    virtus (1.0.4)
      axiom-types (~> 0.1)
      coercible (~> 1.0)
      descendants_tracker (~> 0.0, >= 0.0.3)
      equalizer (~> 0.0, >= 0.0.9)

PLATFORMS
  ruby

DEPENDENCIES
  awesome_print
  bcrypt
  carrierwave
  carrierwave-aws
  carrierwave-sequel
  dotenv
  factory_girl
  minitest
  minitest-reporters
  money
  pg
  rack-test
  rack_csrf
  scorched
  scorched-rest!
  sequel
  shotgun
  thin
  veto
  virtus
