PATH
  remote: ./gems/errol
  specs:
    errol (0.0.1)
      sequel (~> 4.19.0)

PATH
  remote: ./gems/scorched-rest
  specs:
    scorched-rest (0.0.2)

GEM
  remote: https://rubygems.org/
  specs:
    actionpack (4.2.0)
      actionview (= 4.2.0)
      activesupport (= 4.2.0)
      rack (~> 1.6.0)
      rack-test (~> 0.6.2)
      rails-dom-testing (~> 1.0, >= 1.0.5)
      rails-html-sanitizer (~> 1.0, >= 1.0.1)
    actionview (4.2.0)
      activesupport (= 4.2.0)
      builder (~> 3.1)
      erubis (~> 2.7.0)
      rails-dom-testing (~> 1.0, >= 1.0.5)
      rails-html-sanitizer (~> 1.0, >= 1.0.1)
    activemodel (4.2.0)
      activesupport (= 4.2.0)
      builder (~> 3.1)
    activesupport (4.2.0)
      i18n (~> 0.7)
      json (~> 1.7, >= 1.7.7)
      minitest (~> 5.1)
      thread_safe (~> 0.3, >= 0.3.4)
      tzinfo (~> 1.1)
    all_systems (0.2.1)
    ansi (1.5.0)
    attr_required (1.0.0)
    awesome_print (1.6.1)
    aws-sdk (1.61.0)
      aws-sdk-v1 (= 1.61.0)
    aws-sdk-v1 (1.61.0)
      json (~> 1.4)
      nokogiri (>= 1.4.4)
    axiom-types (0.1.1)
      descendants_tracker (~> 0.0.4)
      ice_nine (~> 0.11.0)
      thread_safe (~> 0.3, >= 0.3.1)
    bcrypt (3.1.10)
    better_errors (2.1.1)
      coderay (>= 1.0.0)
      erubis (>= 2.6.6)
      rack (>= 0.9.0)
    binding_of_caller (0.7.2)
      debug_inspector (>= 0.0.1)
    bugsnag (2.8.1)
      multi_json (~> 1.0)
    builder (3.2.2)
    carrierwave (0.10.0)
      activemodel (>= 3.2.0)
      activesupport (>= 3.2.0)
      json (>= 1.7)
      mime-types (>= 1.16)
    carrierwave-aws (0.5.0)
      aws-sdk (~> 1.58)
      carrierwave (~> 0.7)
    carrierwave-sequel (0.1.0)
      carrierwave
      sequel
    coderay (1.1.0)
    coercible (1.0.0)
      descendants_tracker (~> 0.0.1)
    countries (0.10.0)
      currencies (~> 0.4.2)
    currencies (0.4.2)
    daemons (1.1.9)
    debug_inspector (0.0.2)
    descendants_tracker (0.0.4)
      thread_safe (~> 0.3, >= 0.3.1)
    dotenv (1.0.2)
    equalizer (0.0.9)
    erubis (2.7.0)
    eventmachine (1.0.5)
    factory_girl (4.5.0)
      activesupport (>= 3.0.0)
    i18n (0.7.0)
    ice_nine (0.11.1)
    json (1.8.2)
    loofah (2.0.1)
      nokogiri (>= 1.5.9)
    mail (2.6.3)
      mime-types (>= 1.16, < 3)
    mime-types (2.4.3)
    mini_portile (0.6.2)
    minitest (5.5.1)
    minitest-reporters (1.0.10)
      ansi
      builder
      minitest (>= 5.0)
      ruby-progressbar
    money (6.5.1)
      i18n (>= 0.6.4, <= 0.7.0)
    multi_json (1.10.1)
    netrc (0.10.2)
    nokogiri (1.6.6.2)
      mini_portile (~> 0.6.0)
    paypal-express (0.8.1)
      activesupport (>= 2.3)
      attr_required (>= 0.0.5)
      rest-client
    pdfkit (0.6.2)
    pg (0.18.1)
    rack (1.6.0)
    rack-accept (0.4.5)
      rack (>= 0.4)
    rack-google-analytics (1.2.0)
      actionpack
      activesupport
    rack-protection (1.5.3)
      rack
    rack-ssl-enforcer (0.2.9)
    rack-test (0.6.3)
      rack (>= 1.0)
    rack_csrf (2.5.0)
      rack (>= 1.1.0)
    rails-deprecated_sanitizer (1.0.3)
      activesupport (>= 4.2.0.alpha)
    rails-dom-testing (1.0.5)
      activesupport (>= 4.2.0.beta, < 5.0)
      nokogiri (~> 1.6.0)
      rails-deprecated_sanitizer (>= 1.0.1)
    rails-html-sanitizer (1.0.2)
      loofah (~> 2.0)
    rest-client (1.7.2)
      mime-types (>= 1.16, < 3.0)
      netrc (~> 0.7)
    ruby-progressbar (1.7.1)
    sass (3.4.11)
    scorched (0.22)
      rack (~> 1.4)
      rack-accept (~> 0.4)
      tilt (~> 1.4)
    sequel (4.19.0)
    shotgun (0.9)
      rack (>= 1.0)
    thin (1.6.3)
      daemons (~> 1.0, >= 1.0.9)
      eventmachine (~> 1.0)
      rack (~> 1.0)
    thread_safe (0.3.4)
    tilt (1.4.1)
    tzinfo (1.2.2)
      thread_safe (~> 0.1)
    veto (1.0.1)
    virtus (1.0.4)
      axiom-types (~> 0.1)
      coercible (~> 1.0)
      descendants_tracker (~> 0.0, >= 0.0.3)
      equalizer (~> 0.0, >= 0.0.9)
    warden (1.2.3)
      rack (>= 1.0)
    wkhtmltopdf-heroku-edge (0.12.2.1)

PLATFORMS
  ruby

DEPENDENCIES
  all_systems (~> 0.2.1)
  awesome_print
  bcrypt
  better_errors
  binding_of_caller
  bugsnag
  carrierwave
  carrierwave-aws
  carrierwave-sequel
  countries
  dotenv
  errol!
  factory_girl
  mail
  minitest
  minitest-reporters
  money
  paypal-express
  pdfkit
  pg
  rack-google-analytics
  rack-protection
  rack-ssl-enforcer
  rack-test
  rack_csrf
  sass
  scorched
  scorched-rest!
  sequel
  shotgun
  thin
  veto
  virtus
  warden
  wkhtmltopdf-heroku-edge (~> 0.12.2.1b)
